GEM
  remote: https://rubygems.org/
  specs:
    ast (2.4.0)
    opal (1.0.3)
      ast (>= 2.3.0)
      parser (~> 2.6)
    ovto (0.6.0)
      opal (>= 0.11, < 2)
      rack (~> 2.0)
      thor (~> 0.20)
    parser (2.7.0.4)
      ast (~> 2.4.0)
    rack (2.2.6.4)
    rake (13.0.1)
    thor (0.20.3)

PLATFORMS
  ruby

DEPENDENCIES
  ovto
  rake

BUNDLED WITH
   1.17.3
